GEM
  remote: http://rubygems.org/
  specs:
    akami (1.0.0)
      gyoku (>= 0.4.0)
    builder (3.0.0)
    gyoku (0.4.4)
      builder (>= 2.1.2)
    httpi (0.9.6)
      rack
    metaforce (0.4.0)
      nokogiri (~> 1.5.0)
      rubyzip (~> 0.9.5)
      savon (~> 0.9.7)
      term-ansicolor
    nokogiri (1.5.0)
    nori (1.1.0)
    rack (1.4.1)
    rake (0.9.2.2)
    rubyzip (0.9.6.1)
    savon (0.9.9)
      akami (~> 1.0)
      builder (>= 2.1.2)
      gyoku (>= 0.4.0)
      httpi (~> 0.9)
      nokogiri (>= 1.4.0)
      nori (~> 1.1)
      wasabi (~> 2.1)
    term-ansicolor (1.0.7)
    wasabi (2.1.0)
      nokogiri (>= 1.4.0)

PLATFORMS
  ruby

DEPENDENCIES
  metaforce (= 0.4.0)
  rake
